ObjectType = Image
NDims = 3
BinaryData = True
BinaryDataByteOrderMSB = False
CompressedData = True
CompressedDataSize = 48627
TransformMatrix = 1 0 0 0 1 0 0 0 1
Offset = -146 -118 -131
CenterOfRotation = 0 0 0
ElementSpacing = 0.4297 0.4297 3
DimSize = 512 512 84
AnatomicalOrientation = ???
ElementType = MET_SHORT
ElementDataFile = VOIlesion_selected.zraw
